GEM
  remote: http://rubygems.org/
  specs:
    rubyzip (1.3.0)

PLATFORMS
  x64-mingw32

DEPENDENCIES
  rubyzip (~> 1.3.0)

BUNDLED WITH
   1.17.0
